PATH
  remote: .
  specs:
    newrelic-management (0.1.0)
      chronic_duration (~> 0.10)
      deep_merge (~> 1.1.1)
      faraday (~> 0.9)
      faraday_middleware (~> 0.9)
      mixlib-cli (~> 1.7)
      net-http-persistent (~> 2.9.4)
      os
      rufus-scheduler (~> 3.3.2)
      terminal-notifier

GEM
  remote: http://rubygems.org/
  specs:
    ast (2.3.0)
    chronic_duration (0.10.6)
      numerizer (~> 0.1.1)
    coderay (1.1.1)
    deep_merge (1.1.1)
    diff-lcs (1.2.5)
    faraday (0.11.0)
      multipart-post (>= 1.2, < 3)
    faraday_middleware (0.11.0)
      faraday (>= 0.7.4, < 1.0)
    method_source (0.8.2)
    mixlib-cli (1.7.0)
    multipart-post (2.0.0)
    net-http-persistent (2.9.4)
    numerizer (0.1.1)
    os (0.9.6)
    parser (2.3.3.1)
      ast (~> 2.2)
    powerpack (0.1.1)
    pry (0.10.4)
      coderay (~> 1.1.0)
      method_source (~> 0.8.1)
      slop (~> 3.4)
    rainbow (2.2.1)
    rake (10.5.0)
    rspec (3.5.0)
      rspec-core (~> 3.5.0)
      rspec-expectations (~> 3.5.0)
      rspec-mocks (~> 3.5.0)
    rspec-core (3.5.4)
      rspec-support (~> 3.5.0)
    rspec-expectations (3.5.0)
      diff-lcs (>= 1.2.0, < 2.0)
      rspec-support (~> 3.5.0)
    rspec-mocks (3.5.0)
      diff-lcs (>= 1.2.0, < 2.0)
      rspec-support (~> 3.5.0)
    rspec-support (3.5.0)
    rubocop (0.46.0)
      parser (>= 2.3.1.1, < 3.0)
      powerpack (~> 0.1)
      rainbow (>= 1.99.1, < 3.0)
      ruby-progressbar (~> 1.7)
      unicode-display_width (~> 1.0, >= 1.0.1)
    ruby-progressbar (1.8.1)
    rufus-scheduler (3.3.2)
      tzinfo
    slop (3.6.0)
    terminal-notifier (1.7.1)
    thread_safe (0.3.5)
    tzinfo (1.2.2)
      thread_safe (~> 0.1)
    unicode-display_width (1.1.2)

PLATFORMS
  ruby

DEPENDENCIES
  bundler (~> 1.12)
  newrelic-management!
  pry
  rake (~> 10.0)
  rspec (~> 3.0)
  rubocop

BUNDLED WITH
   1.13.7
